GEM
  remote: https://rubygems.org/
  specs:
    ansi (1.5.0)
    ast (2.4.0)
    coderay (1.1.2)
    image_size (2.0.0)
    method_source (0.9.2)
    oga (2.15)
      ast
      ruby-ll (~> 2.1)
    pry (0.12.2)
      coderay (~> 1.1.0)
      method_source (~> 0.9.0)
    rake (12.3.2)
    rb-readline (0.5.5)
    review (3.0.0)
      image_size
      rouge
      rubyzip
    rouge (3.3.0)
    ruby-ll (2.1.2)
      ansi
      ast
    rubyzip (1.2.2)

PLATFORMS
  ruby

DEPENDENCIES
  oga
  pry
  rake
  rb-readline
  review

BUNDLED WITH
   1.17.1
